GIT
  remote: https://github.com/ashfurrow/jekyll-lunr-js-search.git
  revision: 93cef5ecf555c4ba62edcb19d1aa3cb5c8e0c715
  branch: v2
  specs:
    jekyll-lunr-js-search (3.3.0)
      nokogiri (~> 1.8.4)
      therubyracer (~> 0.12.3)
      yajl-ruby (~> 1.4.0)

GEM
  remote: https://rubygems.org/
  specs:
    RedCloth (4.3.2)
    addressable (2.5.0)
      public_suffix (~> 2.0, >= 2.0.2)
    blankslate (2.1.2.4)
    celluloid (0.16.0)
      timers (~> 4.0.0)
    chunky_png (1.3.3)
    claide (1.0.1)
    claide-plugins (0.9.2)
      cork
      nap
      open4 (~> 1.3)
    classifier-reborn (2.0.3)
      fast-stemmer (~> 1.0)
    coderay (1.1.1)
    coffee-script (2.4.1)
      coffee-script-source
      execjs
    coffee-script-source (1.9.1.1)
    colorator (0.1)
    colored (1.2)
    colored2 (3.1.2)
    compass (1.0.1)
      chunky_png (~> 1.2)
      compass-core (~> 1.0.1)
      compass-import-once (~> 1.0.5)
      rb-fsevent (>= 0.9.3)
      rb-inotify (>= 0.9)
      sass (>= 3.3.13, < 3.5)
    compass-core (1.0.1)
      multi_json (~> 1.0)
      sass (>= 3.3.0, < 3.5)
    compass-import-once (1.0.5)
      sass (>= 3.2, < 3.5)
    cork (0.2.0)
      colored (~> 1.2)
    danger (4.3.0)
      claide (~> 1.0)
      claide-plugins (>= 0.9.2)
      colored2 (~> 3.1)
      cork (~> 0.1)
      faraday (~> 0.9)
      faraday-http-cache (~> 1.0)
      git (~> 2.18.0)
      kramdown (~> 1.17.0)
      octokit (~> 4.9.0)
      terminal-table (~> 1)
    execjs (2.5.2)
    faraday (0.11.0)
      multipart-post (>= 1.2, < 3)
    faraday-http-cache (1.3.1)
      faraday (~> 0.8)
    fast-stemmer (1.0.2)
    ffi (1.9.10)
    git (2.18.0)
    hitimes (1.2.2)
    jekyll (3.8.3)
      classifier-reborn (~> 2.2.0)
      colorator (~> 1.1.0)
      jekyll-coffeescript (~> 1.1.1)
      jekyll-gist (~> 1.5.0)
      jekyll-paginate (~> 1.1.0)
      jekyll-sass-converter (~> 1.5.2)
      jekyll-watch (~> 2.0)
      kramdown (~> 1.17.0)
      liquid (~> 4.0.0)
      mercenary (~> 0.3.6)
      pygments.rb (~> 1.2.1)
      redcarpet (~> 3.4.0)
      safe_yaml (~> 1.0.4)
      toml (~> 0.2.0)
    jekyll-coffeescript (1.1.1)
      coffee-script (~> 2.2)
    jekyll-gist (1.5.0)
    jekyll-paginate (1.1.0)
    jekyll-sass-converter (1.5.2)
      sass (~> 3.2)
    jekyll-watch (2.0)
      listen (~> 2.7)
    kramdown (1.17.0)
    libv8 (6.7.288.46.1)
    liquid (4.0.0)
    listen (2.10.1)
      celluloid (~> 0.16.0)
      rb-fsevent (>= 0.9.3)
      rb-inotify (>= 0.9)
    mercenary (0.3.5)
    method_source (0.8.2)
    mini_portile2 (2.1.0)
    multi_json (1.11.2)
    multipart-post (2.0.0)
    nap (1.1.0)
    nokogiri (1.8.4)
      mini_portile2 (~> 2.1.0)
    octokit (4.6.2)
      sawyer (~> 0.8.0, >= 0.5.3)
    octopress-hooks (2.6.1)
      jekyll (~> 3.8.3)
    open4 (1.3.4)
    parslet (1.5.0)
      blankslate (~> 2.0)
    posix-spawn (0.3.11)
    pry (0.10.4)
      coderay (~> 1.1.0)
      method_source (~> 0.8.1)
      slop (~> 3.4)
    public_suffix (2.0.5)
    pygments.rb (0.6.3)
      posix-spawn (~> 0.3.6)
      yajl-ruby (~> 1.4.0)
    rake (10.4.2)
    rb-fsevent (0.9.5)
    rb-inotify (0.9.5)
      ffi (>= 0.5.0)
    rdiscount (2.1.7)
    redcarpet (3.4.0)
    ref (2.0.0)
    safe_yaml (1.0.4)
    sass (3.4.16)
    sawyer (0.8.1)
      addressable (>= 2.3.5, < 2.6)
      faraday (~> 0.8, < 1.0)
    slop (3.6.0)
    terminal-table (1.7.3)
      unicode-display_width (~> 1.1.1)
    therubyracer (0.12.3)
      libv8 (~> 6.7.288.46.1)
      ref
    timers (4.0.1)
      hitimes
    toml (0.2.0)
      parslet (~> 1.8.2)
    unicode-display_width (1.1.3)
    yajl-ruby (1.4.0)

PLATFORMS
  ruby

DEPENDENCIES
  RedCloth
  compass
  danger
  jekyll
  jekyll-lunr-js-search!
  octopress-hooks
  pry
  pygments.rb
  rake
  rdiscount

BUNDLED WITH
   1.16.3
